GEM
  remote: https://rubygems.org/
  specs:
    markly (0.12.1)
    phlex (1.11.0)
    phlex-markdown (0.3.0)
      markly (~> 0.7)
      phlex (>= 0.5)
    phlexite (0.1.3)

PLATFORMS
  x64-mingw-ucrt

DEPENDENCIES
  phlex (~> 1.11)
  phlex-markdown (~> 0.3.0)
  phlexite (~> 0.1.3)

BUNDLED WITH
   2.5.22
